GEM
  remote: https://rubygems.org/
  specs:
    mini_portile2 (2.8.1)
    nokogiri (1.14.3)
      mini_portile2 (~> 2.8.0)
      racc (~> 1.4)
    open_uri_redirections (0.2.1)
    racc (1.6.2)

PLATFORMS
  ruby

DEPENDENCIES
  nokogiri
  open_uri_redirections

BUNDLED WITH
   1.16.2
